GEM
  remote: https://rubygems.org/
  specs:
    concurrent-ruby (1.1.6)
    cool.io (1.6.0)
    digest-crc (0.5.1)
    ffi (1.12.2)
    fluent-plugin-kafka (0.12.4)
      fluentd (>= 0.10.58, < 2)
      ltsv
      ruby-kafka (>= 0.7.8, < 0.8.0)
    fluent-plugin-prometheus (1.6.1)
      fluentd (>= 0.14.20, < 2)
      prometheus-client (< 0.10)
    fluent-plugin-systemd (1.0.2)
      fluentd (>= 0.14.11, < 2)
      systemd-journal (~> 1.3.2)
    fluentd (1.9.3)
      cool.io (>= 1.4.5, < 2.0.0)
      http_parser.rb (>= 0.5.1, < 0.7.0)
      msgpack (>= 1.3.1, < 2.0.0)
      serverengine (>= 2.0.4, < 3.0.0)
      sigdump (~> 0.2.2)
      strptime (>= 0.2.2, < 1.0.0)
      tzinfo (>= 1.0, < 3.0)
      tzinfo-data (~> 1.0)
      yajl-ruby (~> 1.0)
    http_parser.rb (0.6.0)
    ltsv (0.1.2)
    mini_portile2 (2.5.0)
    msgpack (1.3.3)
    prometheus-client (0.9.0)
      quantile (~> 0.2.1)
    quantile (0.2.1)
    rake (12.3.3)
    rdkafka (0.7.0)
      ffi (~> 1.9)
      mini_portile2 (~> 2.1)
      rake (~> 12.3)
    ruby-kafka (0.7.10)
      digest-crc
    serverengine (2.2.1)
      sigdump (~> 0.2.2)
    sigdump (0.2.4)
    snappy (0.0.17)
    strptime (0.2.3)
    systemd-journal (1.3.3)
      ffi (~> 1.9)
    tzinfo (2.0.2)
      concurrent-ruby (~> 1.0)
    tzinfo-data (1.2020.1)
      tzinfo (>= 1.0.0)
    yajl-ruby (1.4.2)

PLATFORMS
  ruby

DEPENDENCIES
  fluent-plugin-kafka (~> 0.12.2)
  fluent-plugin-prometheus (~> 1.6.1)
  fluent-plugin-systemd (~> 1.0.1)
  fluentd (~> 1.9.3)
  rdkafka (~> 0.7.0)
  snappy (~> 0.0.15)

BUNDLED WITH
   1.17.2
